PATH
  remote: .
  specs:
    guard-migrate (0.1.0)
      guard (>= 0.2.2)

GEM
  remote: http://rubygems.org/
  specs:
    diff-lcs (1.1.3)
    ffi (1.0.11)
    growl (1.0.3)
    guard (1.0.1)
      ffi (>= 0.5.0)
      thor (~> 0.14.6)
    guard-rspec (0.3.1)
      guard (>= 0.2.2)
    rake (0.9.2.2)
    rb-fsevent (0.9.0)
    rspec (2.6.0)
      rspec-core (~> 2.6.0)
      rspec-expectations (~> 2.6.0)
      rspec-mocks (~> 2.6.0)
    rspec-core (2.6.4)
    rspec-expectations (2.6.0)
      diff-lcs (~> 1.1.2)
    rspec-mocks (2.6.0)
    thor (0.14.6)

PLATFORMS
  ruby

DEPENDENCIES
  growl (~> 1.0.3)
  guard-migrate!
  guard-rspec (~> 0.3.1)
  rake
  rb-fsevent (>= 0.3.2)
  rspec (~> 2.6.0)
